GEM
  remote: https://rubygems.org/
  specs:
    motion-redgreen (1.0.0)
    rake (10.4.2)

PLATFORMS
  ruby

DEPENDENCIES
  motion-redgreen
  rake
